GEM
  specs:
    celluloid (0.16.0)
      timers (~> 4.0.0)
    faraday (0.9.1)
      multipart-post (>= 1.2, < 3)
    hitimes (1.2.2)
    multipart-post (2.0.0)
    timers (4.0.1)
      hitimes

PLATFORMS
  ruby

DEPENDENCIES
  celluloid
  faraday
